PATH
  remote: .
  specs:
    cassandruby (0.0.0)

GEM
  remote: http://rubygems.org/
  specs:
    cassandra (0.15.0)
      json
      rake
      simple_uuid (~> 0.2.0)
      thrift_client (>= 0.7.0, < 0.9)
    coderay (1.0.7)
    json (1.7.5)
    method_source (0.8)
    pry (0.9.10)
      coderay (~> 1.0.5)
      method_source (~> 0.8)
      slop (~> 3.3.1)
    rake (0.9.2.2)
    simple_uuid (0.2.0)
    slop (3.3.2)
    thrift (0.8.0)
    thrift_client (0.8.1)
      thrift (~> 0.8.0)

PLATFORMS
  ruby

DEPENDENCIES
  cassandra
  cassandruby!
  pry
  rake
